GIT
  remote: https://github.com/alphagov/nested_form.git
  revision: ac43d8fe0cd3805b7309169ca8fbdd6a1527d9b5
  branch: add-wrapper-class
  specs:
    nested_form (0.3.2)

GEM
  remote: https://rubygems.org/
  specs:
    PriorityQueue (0.1.2)
    actionmailer (3.2.22.1)
      actionpack (= 3.2.22.1)
      mail (~> 2.5.4)
    actionpack (3.2.22.1)
      activemodel (= 3.2.22.1)
      activesupport (= 3.2.22.1)
      builder (~> 3.0.0)
      erubis (~> 2.7.0)
      journey (~> 1.0.4)
      rack (~> 1.4.5)
      rack-cache (~> 1.2)
      rack-test (~> 0.6.1)
      sprockets (~> 2.2.1)
    activemodel (3.2.22.1)
      activesupport (= 3.2.22.1)
      builder (~> 3.0.0)
    activerecord (3.2.22.1)
      activemodel (= 3.2.22.1)
      activesupport (= 3.2.22.1)
      arel (~> 3.0.2)
      tzinfo (~> 0.3.29)
    activeresource (3.2.22.1)
      activemodel (= 3.2.22.1)
      activesupport (= 3.2.22.1)
    activesupport (3.2.22.1)
      i18n (~> 0.6, >= 0.6.4)
      multi_json (~> 1.0)
    addressable (2.3.8)
    airbrake (3.1.15)
      builder
      multi_json
    ansi (1.4.3)
    arel (3.0.3)
    autoprefixer-rails (6.2.3)
      execjs
      json
    bootstrap-kaminari-views (0.0.3)
      kaminari (>= 0.13)
      rails (>= 3.1)
    bootstrap-sass (3.3.5)
      autoprefixer-rails (>= 5.0.0.1)
      sass (>= 3.2.19)
    bourne (1.5.0)
      mocha (>= 0.13.2, < 0.15)
    bson (1.12.4)
    bson_ext (1.12.4)
      bson (~> 1.12.4)
    builder (3.0.4)
    byebug (3.5.1)
      columnize (~> 0.8)
      debugger-linecache (~> 1.2)
      slop (~> 3.6)
    capybara (2.4.4)
      mime-types (>= 1.16)
      nokogiri (>= 1.3.3)
      rack (>= 1.0.0)
      rack-test (>= 0.5.4)
      xpath (~> 2.0)
    celluloid (0.16.0)
      timers (~> 4.0.0)
    chronic (0.10.2)
    ci_reporter (1.7.0)
      builder (>= 2.1.2)
    cliver (0.3.2)
    coderay (1.1.0)
    columnize (0.9.0)
    connection_pool (2.1.0)
    crack (0.4.2)
      safe_yaml (~> 1.0.0)
    database_cleaner (0.8.0)
    debugger-linecache (1.2.0)
    diffy (3.0.6)
    domain_name (0.5.24)
      unf (>= 0.0.5, < 1.0.0)
    erubis (2.7.0)
    execjs (2.6.0)
    factory_girl (4.5.0)
      activesupport (>= 3.0.0)
    factory_girl_rails (4.5.0)
      factory_girl (~> 4.5.0)
      railties (>= 3.0.0)
    fakefs (0.6.7)
    faker (1.1.2)
      i18n (~> 0.5)
    faraday (0.9.2)
      multipart-post (>= 1.2, < 3)
    formtastic (2.3.0)
      actionpack (>= 3.0)
    formtastic-bootstrap (3.0.0)
      formtastic (>= 2.2)
    gds-api-adapters (27.2.0)
      link_header
      lrucache (~> 0.1.1)
      null_logger
      plek (>= 1.9.0)
      rack-cache
      rest-client (~> 1.8.0)
    gds-sso (11.2.1)
      multi_json (~> 1.0)
      oauth2 (~> 1.0)
      omniauth (~> 1.2)
      omniauth-gds (~> 3.2)
      rack-accept (~> 0.4.4)
      rails (>= 3.0.0)
      warden (~> 1.2)
      warden-oauth2 (~> 0.0.1)
    govspeak (3.4.0)
      htmlentities (~> 4)
      kramdown (~> 1.5.0)
      nokogiri (~> 1.5)
      sanitize (~> 2.1.0)
    govuk-content-schema-test-helpers (1.3.0)
      json-schema (~> 2.5.1)
    govuk_admin_template (4.0.1)
      bootstrap-sass (= 3.3.5)
      jquery-rails (~> 3.1.3)
      rails (>= 3.2.0)
    govuk_content_models (32.2.0)
      bson_ext
      gds-api-adapters (>= 10.9.0)
      gds-sso (~> 11.2)
      govspeak (~> 3.1)
      mongoid (~> 2.5)
      plek
      state_machine
    has_scope (0.5.1)
    hashie (3.4.3)
    hike (1.2.3)
    hitimes (1.2.2)
    htmlentities (4.3.4)
    http-cookie (1.0.2)
      domain_name (~> 0.5)
    i18n (0.7.0)
    inherited_resources (1.4.0)
      has_scope (~> 0.5.0)
      responders (~> 0.9)
    jasmine (2.1.0)
      jasmine-core (~> 2.1.0)
      phantomjs
      rack (>= 1.2.1)
      rake
    jasmine-core (2.1.3)
    journey (1.0.4)
    jquery-rails (3.1.4)
      railties (>= 3.0, < 5.0)
      thor (>= 0.14, < 2.0)
    jquery-ui-rails (5.0.5)
      railties (>= 3.2.16)
    json (1.8.3)
    json-schema (2.5.1)
      addressable (~> 2.3.7)
    jwt (1.5.2)
    kaminari (0.13.0)
      actionpack (>= 3.0.0)
      activesupport (>= 3.0.0)
      railties (>= 3.0.0)
    kgio (2.9.2)
    kramdown (1.5.0)
    launchy (2.1.1)
      addressable (~> 2.3)
    link_header (0.0.8)
    logstash-event (1.1.5)
    logstasher (0.4.8)
      logstash-event (~> 1.1.0)
    lrucache (0.1.4)
      PriorityQueue (~> 0.1.2)
    mail (2.5.4)
      mime-types (~> 1.16)
      treetop (~> 1.4.8)
    metaclass (0.0.4)
    method_source (0.8.2)
    mime-types (1.25.1)
    mini_portile (0.6.2)
    minitest (3.3.0)
    mlanett-redis-lock (0.2.2)
      redis
    mocha (0.13.3)
      metaclass (~> 0.0.1)
    momentjs-rails (2.8.3)
      railties (>= 3.1)
    mongo (1.12.4)
      bson (= 1.12.4)
    mongoid (2.8.1)
      activemodel (~> 3.1)
      mongo (~> 1.9)
      tzinfo (~> 0.3.22)
    mongoid_rails_migrations (1.0.0)
      activesupport (>= 3.2.0)
      bundler (>= 1.0.0)
      rails (>= 3.2.0)
      railties (>= 3.2.0)
    mousetrap-rails (1.4.6)
    multi_json (1.11.2)
    multi_xml (0.5.5)
    multipart-post (2.0.0)
    netrc (0.10.3)
    nokogiri (1.6.6.2)
      mini_portile (~> 0.6.0)
    null_logger (0.0.1)
    oauth2 (1.0.0)
      faraday (>= 0.8, < 0.10)
      jwt (~> 1.0)
      multi_json (~> 1.3)
      multi_xml (~> 0.5)
      rack (~> 1.2)
    omniauth (1.2.2)
      hashie (>= 1.2, < 4)
      rack (~> 1.0)
    omniauth-gds (3.2.1)
      multi_json (~> 1.10)
      omniauth-oauth2 (= 1.3.1)
    omniauth-oauth2 (1.3.1)
      oauth2 (~> 1.0)
      omniauth (~> 1.2)
    phantomjs (1.9.7.1)
    plek (1.9.0)
    poltergeist (1.5.0)
      capybara (~> 2.1)
      cliver (~> 0.3.1)
      multi_json (~> 1.0)
      websocket-driver (>= 0.2.0)
    polyglot (0.3.5)
    pry (0.10.3)
      coderay (~> 1.1.0)
      method_source (~> 0.8.1)
      slop (~> 3.4)
    pry-byebug (2.0.0)
      byebug (~> 3.4)
      pry (~> 0.10)
    rack (1.4.7)
    rack-accept (0.4.5)
      rack (>= 0.4)
    rack-cache (1.5.1)
      rack (>= 0.4)
    rack-ssl (1.3.4)
      rack
    rack-test (0.6.3)
      rack (>= 1.0)
    rails (3.2.22.1)
      actionmailer (= 3.2.22.1)
      actionpack (= 3.2.22.1)
      activerecord (= 3.2.22.1)
      activeresource (= 3.2.22.1)
      activesupport (= 3.2.22.1)
      bundler (~> 1.0)
      railties (= 3.2.22.1)
    rails_autolink (1.1.6)
      rails (> 3.1)
    railties (3.2.22.1)
      actionpack (= 3.2.22.1)
      activesupport (= 3.2.22.1)
      rack-ssl (~> 1.3.2)
      rake (>= 0.8.7)
      rdoc (~> 3.4)
      thor (>= 0.14.6, < 2.0)
    raindrops (0.13.0)
    rake (10.5.0)
    rdoc (3.12.2)
      json (~> 1.4)
    redis (3.0.7)
    redis-namespace (1.5.1)
      redis (~> 3.0, >= 3.0.4)
    responders (0.9.3)
      railties (~> 3.1)
    rest-client (1.8.0)
      http-cookie (>= 1.0.2, < 2.0)
      mime-types (>= 1.16, < 3.0)
      netrc (~> 0.7)
    retriable (1.4.1)
    reverse_markdown (0.3.0)
      nokogiri
    safe_yaml (1.0.4)
    sanitize (2.1.0)
      nokogiri (>= 1.4.4)
    sass (3.4.18)
    sass-rails (3.2.6)
      railties (~> 3.2.0)
      sass (>= 3.1.10)
      tilt (~> 1.3)
    select2-rails (3.5.9.1)
      thor (~> 0.14)
    selectize-rails (0.12.1)
    shoulda (3.1.1)
      shoulda-context (~> 1.0)
      shoulda-matchers (~> 1.2)
    shoulda-context (1.2.1)
    shoulda-matchers (1.5.6)
      activesupport (>= 3.0.0)
      bourne (~> 1.3)
    sidekiq (2.17.2)
      celluloid (>= 0.15.2)
      connection_pool (>= 1.0.0)
      json
      redis (>= 3.0.6)
      redis-namespace (>= 1.3.1)
    sidekiq-statsd (0.1.2)
      activesupport
      sidekiq (>= 2.5, < 3.0)
      statsd-ruby (>= 1.1.0)
    simplecov (0.6.4)
      multi_json (~> 1.0)
      simplecov-html (~> 0.5.3)
    simplecov-html (0.5.3)
    simplecov-rcov (0.2.3)
      simplecov (>= 0.4.1)
    slop (3.6.0)
    sprockets (2.2.3)
      hike (~> 1.2)
      multi_json (~> 1.0)
      rack (~> 1.0)
      tilt (~> 1.1, != 1.3.0)
    state_machine (1.2.0)
    statsd-ruby (1.1.1)
    thor (0.19.1)
    tilt (1.4.1)
    timecop (0.4.4)
    timers (4.0.1)
      hitimes
    treetop (1.4.15)
      polyglot
      polyglot (>= 0.3.1)
    turn (0.9.6)
      ansi
    tzinfo (0.3.46)
    uglifier (2.7.2)
      execjs (>= 0.3.0)
      json (>= 1.8.0)
    unf (0.1.4)
      unf_ext
    unf_ext (0.0.7.1)
    unicorn (4.3.1)
      kgio (~> 2.6)
      rack
      raindrops (~> 0.7)
    warden (1.2.4)
      rack (>= 1.0)
    warden-oauth2 (0.0.1)
      warden
    webmock (1.8.7)
      addressable (>= 2.2.7)
      crack (>= 0.1.7)
    websocket-driver (0.4.0)
    whenever (0.9.4)
      chronic (>= 0.6.3)
    xpath (2.0.0)
      nokogiri (~> 1.3)

PLATFORMS
  ruby

DEPENDENCIES
  airbrake (= 3.1.15)
  bootstrap-kaminari-views (= 0.0.3)
  capybara (= 2.4.4)
  ci_reporter (= 1.7.0)
  database_cleaner (= 0.8.0)
  diffy (= 3.0.6)
  erubis
  factory_girl_rails
  fakefs
  faker (= 1.1.2)
  formtastic (= 2.3.0)
  formtastic-bootstrap (= 3.0.0)
  gds-api-adapters (= 27.2.0)
  gds-sso (~> 11.2)
  govspeak (~> 3.4.0)
  govuk-content-schema-test-helpers (= 1.3.0)
  govuk_admin_template (= 4.0.1)
  govuk_content_models (~> 32.2)
  has_scope
  inherited_resources
  jasmine (= 2.1.0)
  jquery-ui-rails (~> 5.0.3)
  kaminari (= 0.13.0)
  launchy (= 2.1.1)
  logstasher (= 0.4.8)
  minitest (= 3.3.0)
  mlanett-redis-lock (= 0.2.2)
  mocha (= 0.13.3)
  momentjs-rails (= 2.8.3)
  mongoid_rails_migrations (= 1.0.0)
  mousetrap-rails (= 1.4.6)
  nested_form!
  null_logger
  plek (= 1.9.0)
  poltergeist (= 1.5.0)
  pry-byebug
  rails (= 3.2.22.1)
  rails_autolink (= 1.1.6)
  redis (= 3.0.7)
  rest-client
  retriable
  reverse_markdown (= 0.3.0)
  sass-rails (= 3.2.6)
  select2-rails (= 3.5.9.1)
  selectize-rails (= 0.12.1)
  shoulda (= 3.1.1)
  sidekiq (= 2.17.2)
  sidekiq-statsd (= 0.1.2)
  simplecov (~> 0.6.4)
  simplecov-rcov (~> 0.2.3)
  statsd-ruby (~> 1.1.0)
  timecop (= 0.4.4)
  turn (= 0.9.6)
  uglifier (= 2.7.2)
  unicorn (= 4.3.1)
  webmock (= 1.8.7)
  whenever
